STORAGE: NONE
RESTRICTION: == net9.0
NUGET
  remote: https://api.nuget.org/v3/index.json
    Akka (1.5.42)
      Akka.Analyzers (>= 0.3.2)
      Microsoft.Extensions.ObjectPool (>= 6.0.36)
      Newtonsoft.Json (>= 13.0.1)
      System.Collections.Immutable (>= 6.0.1)
      System.Configuration.ConfigurationManager (>= 6.0.1)
    Akka.Analyzers (0.3.2)
    Akka.Cluster (1.5.42)
      Akka.Coordination (>= 1.5.42)
      Akka.Remote (>= 1.5.42)
    Akka.Cluster.Sharding (1.5.42)
      Akka.Cluster.Tools (>= 1.5.42)
      Akka.Coordination (>= 1.5.42)
      Akka.DistributedData (>= 1.5.42)
      Akka.DistributedData.LightningDB (>= 1.5.42)
      Akka.Persistence (>= 1.5.42)
    Akka.Cluster.Tools (1.5.42)
      Akka.Cluster (>= 1.5.42)
      Akka.Coordination (>= 1.5.42)
      Akka.Discovery (>= 1.5.42)
    Akka.Coordination (1.5.42)
      Akka (>= 1.5.42)
    Akka.Discovery (1.5.42)
      Akka (>= 1.5.42)
    Akka.DistributedData (1.5.42)
      Akka.Cluster (>= 1.5.42)
    Akka.DistributedData.LightningDB (1.5.42)
      Akka.DistributedData (>= 1.5.42)
      LightningDB (>= 0.16)
    Akka.Persistence (1.5.42)
      Akka (>= 1.5.42)
      Google.Protobuf (>= 3.26.1)
    Akka.Persistence.Query (1.5.42)
      Akka.Persistence (>= 1.5.42)
      Akka.Streams (>= 1.5.42)
    Akka.Persistence.Sql (1.5.42)
      Akka.Persistence.Query (>= 1.5.42)
      Akka.Streams (>= 1.5.42)
      LanguageExt.Core (>= 4.4.9)
      linq2db (>= 5.4.1)
      Microsoft.Bcl.HashCode (>= 1.1.1)
      System.Linq.Async (>= 6.0.1)
      System.Reactive.Linq (>= 6.0.1)
    Akka.Remote (1.5.42)
      Akka (>= 1.5.42)
      DotNetty.Handlers (>= 0.7.6)
      Google.Protobuf (>= 3.26.1)
    Akka.Serialization.Hyperion (1.5.42)
      Akka (>= 1.5.42)
      Hyperion (>= 0.12.2)
    Akka.Streams (1.5.42)
      Akka (>= 1.5.42)
      Google.Protobuf (>= 3.26.1)
      Reactive.Streams (>= 1.0.4)
    Akka.TestKit (1.5.42)
      Akka (>= 1.5.42)
      FluentAssertions (>= 5.10.3)
      Microsoft.Bcl.AsyncInterfaces (>= 6.0)
      Nito.AsyncEx.Context (>= 5.1.2)
      Nito.AsyncEx.Coordination (>= 5.1.2)
      System.Linq.Async (>= 6.0.1)
    Akkling (0.17)
      Akka (>= 1.5.37)
      Akka.Serialization.Hyperion (>= 1.5.37)
      FSharp.Core (>= 8.0.400)
    Akkling.Cluster.Sharding (0.17)
      Akka.Cluster.Sharding (>= 1.5.37)
      Akkling (>= 0.17)
      Akkling.DistributedData (>= 0.17)
      Akkling.Persistence (>= 0.17)
      FSharp.Core (>= 8.0.400)
    Akkling.DistributedData (0.17)
      Akka.DistributedData (>= 1.5.37)
      Akkling (>= 0.17)
      FSharp.Core (>= 8.0.400)
    Akkling.Persistence (0.17)
      Akka.Persistence (>= 1.5.37)
      Akkling (>= 0.17)
      Akkling.Streams (>= 0.17)
      FSharp.Core (>= 8.0.400)
    Akkling.Streams (0.17)
      Akka.Streams (>= 1.5.37)
      Akkling (>= 0.17)
      FSharp.Core (>= 8.0.400)
    altcover (9.0.1)
    Azure.AI.OpenAI (2.2.0-beta.4)
      Azure.Core (>= 1.44.1)
      OpenAI (>= 2.2.0-beta.4)
      System.ClientModel (>= 1.4.0-beta.1)
    Azure.Core (1.46.1)
      Microsoft.Bcl.AsyncInterfaces (>= 8.0)
      System.ClientModel (>= 1.4.1)
      System.Memory.Data (>= 6.0.1)
    Azure.Identity (1.14)
      Azure.Core (>= 1.46.1)
      Microsoft.Identity.Client (>= 4.71.1)
      Microsoft.Identity.Client.Extensions.Msal (>= 4.71.1)
      System.Memory (>= 4.5.5)
    Destructurama.FSharp (3.0.1)
      FSharp.Core (>= 9.0.100)
      Serilog (>= 4.0)
    DotNetty.Buffers (0.7.6)
      DotNetty.Common (>= 0.7.6)
      System.Runtime.CompilerServices.Unsafe (>= 5.0)
    DotNetty.Codecs (0.7.6)
      DotNetty.Buffers (>= 0.7.6)
      DotNetty.Common (>= 0.7.6)
      DotNetty.Transport (>= 0.7.6)
      System.Collections.Immutable (>= 1.5)
    DotNetty.Common (0.7.6)
      Microsoft.Extensions.Logging (>= 5.0)
      System.Runtime.CompilerServices.Unsafe (>= 5.0)
    DotNetty.Handlers (0.7.6)
      DotNetty.Buffers (>= 0.7.6)
      DotNetty.Codecs (>= 0.7.6)
      DotNetty.Common (>= 0.7.6)
      DotNetty.Transport (>= 0.7.6)
    DotNetty.Transport (0.7.6)
      DotNetty.Buffers (>= 0.7.6)
      DotNetty.Common (>= 0.7.6)
    Dynamitey (3.0.3)
      Microsoft.CSharp (>= 4.7)
      System.ComponentModel (>= 4.3)
    Expecto (10.2.3)
      FSharp.Core (>= 7.0.200)
      Mono.Cecil (>= 0.11.4 < 1.0)
    Expecto.FsCheck (10.2.3)
      Expecto (>= 10.2.3)
      FsCheck (>= 2.16.5 < 3.0)
    Fable.Package.SDK (1.3.1)
    FCQRS (2.8)
      Akka.Cluster.Sharding (>= 1.5.42)
      Akka.Cluster.Tools (>= 1.5.42)
      Akka.Persistence.Sql (>= 1.5.42)
      Akka.TestKit (>= 1.5.42)
      Akkling.Cluster.Sharding (>= 0.17)
      Akkling.Persistence (>= 0.17)
      Akkling.Streams (>= 0.17)
      FCQRS.Model (>= 2.7.1)
      FCQRS.Serialization (>= 2.2)
      FSharp.Core (>= 9.0.300)
      FSharp.Interop.Dynamic (>= 5.0.1.268)
      FSharp.SystemTextJson (>= 1.3.13)
      FsToolkit.ErrorHandling (>= 4.18)
      Microsoft.Data.Sqlite (>= 9.0.5)
      Microsoft.Extensions.Configuration (>= 9.0.5)
    FCQRS.Model (2.7.1)
      Fable.Package.SDK (>= 1.3)
      FSharp.Core (>= 9.0.202)
    FCQRS.Serialization (2.2)
      FSharp.SystemTextJson (>= 1.3.13)
    FCQRS.SqlProvider (2.7.1)
      FCQRS.Model (>= 2.7.1)
      SQLProvider (>= 1.5.7)
    FluentAssertions (8.2)
    FluentMigrator (7.1)
      FluentMigrator.Abstractions (>= 7.1)
      Microsoft.Extensions.DependencyInjection (>= 9.0.3)
      Microsoft.Extensions.Options (>= 9.0.2)
    FluentMigrator.Abstractions (7.1)
      System.ComponentModel.Annotations (>= 5.0)
      System.ValueTuple (>= 4.5)
    FluentMigrator.Runner.Core (7.1)
      FluentMigrator (>= 7.1)
      FluentMigrator.Abstractions (>= 7.1)
      Microsoft.Extensions.Configuration.Abstractions (>= 9.0.2)
      Microsoft.Extensions.DependencyInjection (>= 9.0.3)
      Microsoft.Extensions.Logging (>= 9.0.2)
      Microsoft.Extensions.Options (>= 9.0.2)
    FluentMigrator.Runner.SQLite (7.1)
      FluentMigrator (>= 7.1)
      FluentMigrator.Runner.Core (>= 7.1)
    FParsec (1.1.1)
      FSharp.Core (>= 4.3.4)
    FsCheck (2.16.6)
      FSharp.Core (>= 4.2.3)
    FSharp.Control.TaskSeq (0.4)
      FSharp.Core (>= 6.0.1)
    FSharp.Core (9.0.300)
    FSharp.Interop.Dynamic (5.0.1.268)
      Dynamitey (>= 2.0.10.189)
      FSharp.Core (>= 4.2.3)
      Microsoft.CSharp (>= 4.6)
    FSharp.SystemTextJson (1.3.13)
      FSharp.Core (>= 4.7)
      System.Text.Json (>= 6.0)
    FsToolkit.ErrorHandling (4.18)
      FSharp.Core (>= 7.0.300)
    Fue (2.2)
      FParsec (>= 1.1.1)
      FSharp.Core (>= 7.0.200)
      HtmlAgilityPack (>= 1.11.46)
    Giraffe (7.0.2)
      FSharp.Core (>= 6.0)
      FSharp.SystemTextJson (>= 1.3.13)
      Giraffe.ViewEngine (>= 1.4)
      Microsoft.IO.RecyclableMemoryStream (>= 3.0.1)
      System.Text.Json (>= 8.0.5)
    Giraffe.ViewEngine (1.4)
      FSharp.Core (>= 5.0)
    Google.Protobuf (3.31)
    Hocon (2.0.4)
      NETStandard.Library (>= 1.6.1)
    Hocon.Extensions.Configuration (2.0.4)
      Hocon (>= 2.0.4)
      Microsoft.Extensions.Configuration.FileExtensions (>= 3.1.4)
    HtmlAgilityPack (1.12.1)
    Hyperion (0.12.2)
      Microsoft.CSharp (>= 4.7)
      System.Collections.Immutable (>= 5.0)
      System.Runtime (>= 4.3.1)
      System.Runtime.Serialization.Primitives (>= 4.3)
    LanguageExt.Core (4.4.9)
      Microsoft.Bcl.AsyncInterfaces (>= 7.0)
      Microsoft.CSharp (>= 4.7)
      System.Diagnostics.Contracts (>= 4.3)
      System.Linq (>= 4.3)
      System.Linq.Queryable (>= 4.3)
      System.Memory (>= 4.5.5)
      System.Reflection.Emit (>= 4.7)
      System.Reflection.Emit.Lightweight (>= 4.7)
      System.Threading.Tasks.Extensions (>= 4.5.4)
      System.ValueTuple (>= 4.5)
    LightningDB (0.18)
      System.Memory (>= 4.6)
    linq2db (5.4.1)
    Microsoft.ApplicationInsights (2.23)
      System.Diagnostics.DiagnosticSource (>= 5.0)
    Microsoft.AspNetCore.TestHost (9.0.5)
    Microsoft.Bcl.AsyncInterfaces (9.0.5)
    Microsoft.Bcl.HashCode (6.0)
    Microsoft.CodeCoverage (17.14)
    Microsoft.CSharp (4.7)
    Microsoft.Data.Sqlite (9.0.5)
      Microsoft.Data.Sqlite.Core (>= 9.0.5)
      SQLitePCLRaw.bundle_e_sqlite3 (>= 2.1.10)
      SQLitePCLRaw.core (>= 2.1.10)
    Microsoft.Data.Sqlite.Core (9.0.5)
      SQLitePCLRaw.core (>= 2.1.10)
    Microsoft.Extensions.AI (9.5)
      Microsoft.Extensions.AI.Abstractions (>= 9.5)
      Microsoft.Extensions.Caching.Abstractions (>= 9.0.5)
      Microsoft.Extensions.DependencyInjection.Abstractions (>= 9.0.5)
      Microsoft.Extensions.Logging.Abstractions (>= 9.0.5)
      System.Diagnostics.DiagnosticSource (>= 9.0.5)
      System.Text.Json (>= 9.0.5)
      System.Threading.Channels (>= 9.0.5)
    Microsoft.Extensions.AI.Abstractions (9.5)
    Microsoft.Extensions.AI.OpenAI (9.5.0-preview.1.25265.7)
      Microsoft.Extensions.AI.Abstractions (>= 9.5)
      OpenAI (>= 2.2.0-beta.4)
      System.Memory.Data (>= 9.0.5)
      System.Text.Json (>= 9.0.5)
    Microsoft.Extensions.Caching.Abstractions (9.0.5)
      Microsoft.Extensions.Primitives (>= 9.0.5)
    Microsoft.Extensions.Configuration (9.0.5)
      Microsoft.Extensions.Configuration.Abstractions (>= 9.0.5)
      Microsoft.Extensions.Primitives (>= 9.0.5)
    Microsoft.Extensions.Configuration.Abstractions (9.0.5)
      Microsoft.Extensions.Primitives (>= 9.0.5)
    Microsoft.Extensions.Configuration.Binder (9.0.5)
      Microsoft.Extensions.Configuration.Abstractions (>= 9.0.5)
    Microsoft.Extensions.Configuration.CommandLine (9.0.5)
      Microsoft.Extensions.Configuration (>= 9.0.5)
      Microsoft.Extensions.Configuration.Abstractions (>= 9.0.5)
    Microsoft.Extensions.Configuration.EnvironmentVariables (9.0.5)
      Microsoft.Extensions.Configuration (>= 9.0.5)
      Microsoft.Extensions.Configuration.Abstractions (>= 9.0.5)
    Microsoft.Extensions.Configuration.FileExtensions (9.0.5)
      Microsoft.Extensions.Configuration (>= 9.0.5)
      Microsoft.Extensions.Configuration.Abstractions (>= 9.0.5)
      Microsoft.Extensions.FileProviders.Abstractions (>= 9.0.5)
      Microsoft.Extensions.FileProviders.Physical (>= 9.0.5)
      Microsoft.Extensions.Primitives (>= 9.0.5)
    Microsoft.Extensions.Configuration.Json (9.0.5)
      Microsoft.Extensions.Configuration (>= 9.0.5)
      Microsoft.Extensions.Configuration.Abstractions (>= 9.0.5)
      Microsoft.Extensions.Configuration.FileExtensions (>= 9.0.5)
      Microsoft.Extensions.FileProviders.Abstractions (>= 9.0.5)
    Microsoft.Extensions.Configuration.UserSecrets (9.0.5)
      Microsoft.Extensions.Configuration.Abstractions (>= 9.0.5)
      Microsoft.Extensions.Configuration.Json (>= 9.0.5)
      Microsoft.Extensions.FileProviders.Abstractions (>= 9.0.5)
      Microsoft.Extensions.FileProviders.Physical (>= 9.0.5)
    Microsoft.Extensions.DependencyInjection (9.0.5)
      Microsoft.Extensions.DependencyInjection.Abstractions (>= 9.0.5)
    Microsoft.Extensions.DependencyInjection.Abstractions (9.0.5)
    Microsoft.Extensions.Diagnostics (9.0.5)
      Microsoft.Extensions.Configuration (>= 9.0.5)
      Microsoft.Extensions.Diagnostics.Abstractions (>= 9.0.5)
      Microsoft.Extensions.Options.ConfigurationExtensions (>= 9.0.5)
    Microsoft.Extensions.Diagnostics.Abstractions (9.0.5)
      Microsoft.Extensions.DependencyInjection.Abstractions (>= 9.0.5)
      Microsoft.Extensions.Options (>= 9.0.5)
    Microsoft.Extensions.FileProviders.Abstractions (9.0.5)
      Microsoft.Extensions.Primitives (>= 9.0.5)
    Microsoft.Extensions.FileProviders.Physical (9.0.5)
      Microsoft.Extensions.FileProviders.Abstractions (>= 9.0.5)
      Microsoft.Extensions.FileSystemGlobbing (>= 9.0.5)
      Microsoft.Extensions.Primitives (>= 9.0.5)
    Microsoft.Extensions.FileSystemGlobbing (9.0.5)
    Microsoft.Extensions.Hosting (9.0.5)
      Microsoft.Extensions.Configuration (>= 9.0.5)
      Microsoft.Extensions.Configuration.Abstractions (>= 9.0.5)
      Microsoft.Extensions.Configuration.Binder (>= 9.0.5)
      Microsoft.Extensions.Configuration.CommandLine (>= 9.0.5)
      Microsoft.Extensions.Configuration.EnvironmentVariables (>= 9.0.5)
      Microsoft.Extensions.Configuration.FileExtensions (>= 9.0.5)
      Microsoft.Extensions.Configuration.Json (>= 9.0.5)
      Microsoft.Extensions.Configuration.UserSecrets (>= 9.0.5)
      Microsoft.Extensions.DependencyInjection (>= 9.0.5)
      Microsoft.Extensions.DependencyInjection.Abstractions (>= 9.0.5)
      Microsoft.Extensions.Diagnostics (>= 9.0.5)
      Microsoft.Extensions.FileProviders.Abstractions (>= 9.0.5)
      Microsoft.Extensions.FileProviders.Physical (>= 9.0.5)
      Microsoft.Extensions.Hosting.Abstractions (>= 9.0.5)
      Microsoft.Extensions.Logging (>= 9.0.5)
      Microsoft.Extensions.Logging.Abstractions (>= 9.0.5)
      Microsoft.Extensions.Logging.Configuration (>= 9.0.5)
      Microsoft.Extensions.Logging.Console (>= 9.0.5)
      Microsoft.Extensions.Logging.Debug (>= 9.0.5)
      Microsoft.Extensions.Logging.EventLog (>= 9.0.5)
      Microsoft.Extensions.Logging.EventSource (>= 9.0.5)
      Microsoft.Extensions.Options (>= 9.0.5)
    Microsoft.Extensions.Hosting.Abstractions (9.0.5)
      Microsoft.Extensions.Configuration.Abstractions (>= 9.0.5)
      Microsoft.Extensions.DependencyInjection.Abstractions (>= 9.0.5)
      Microsoft.Extensions.Diagnostics.Abstractions (>= 9.0.5)
      Microsoft.Extensions.FileProviders.Abstractions (>= 9.0.5)
      Microsoft.Extensions.Logging.Abstractions (>= 9.0.5)
    Microsoft.Extensions.Http (9.0.5)
      Microsoft.Extensions.Configuration.Abstractions (>= 9.0.5)
      Microsoft.Extensions.DependencyInjection.Abstractions (>= 9.0.5)
      Microsoft.Extensions.Diagnostics (>= 9.0.5)
      Microsoft.Extensions.Logging (>= 9.0.5)
      Microsoft.Extensions.Logging.Abstractions (>= 9.0.5)
      Microsoft.Extensions.Options (>= 9.0.5)
    Microsoft.Extensions.Logging (9.0.5)
      Microsoft.Extensions.DependencyInjection (>= 9.0.5)
      Microsoft.Extensions.Logging.Abstractions (>= 9.0.5)
      Microsoft.Extensions.Options (>= 9.0.5)
    Microsoft.Extensions.Logging.Abstractions (9.0.5)
      Microsoft.Extensions.DependencyInjection.Abstractions (>= 9.0.5)
    Microsoft.Extensions.Logging.Configuration (9.0.5)
      Microsoft.Extensions.Configuration (>= 9.0.5)
      Microsoft.Extensions.Configuration.Abstractions (>= 9.0.5)
      Microsoft.Extensions.Configuration.Binder (>= 9.0.5)
      Microsoft.Extensions.DependencyInjection.Abstractions (>= 9.0.5)
      Microsoft.Extensions.Logging (>= 9.0.5)
      Microsoft.Extensions.Logging.Abstractions (>= 9.0.5)
      Microsoft.Extensions.Options (>= 9.0.5)
      Microsoft.Extensions.Options.ConfigurationExtensions (>= 9.0.5)
    Microsoft.Extensions.Logging.Console (9.0.5)
      Microsoft.Extensions.DependencyInjection.Abstractions (>= 9.0.5)
      Microsoft.Extensions.Logging (>= 9.0.5)
      Microsoft.Extensions.Logging.Abstractions (>= 9.0.5)
      Microsoft.Extensions.Logging.Configuration (>= 9.0.5)
      Microsoft.Extensions.Options (>= 9.0.5)
    Microsoft.Extensions.Logging.Debug (9.0.5)
      Microsoft.Extensions.DependencyInjection.Abstractions (>= 9.0.5)
      Microsoft.Extensions.Logging (>= 9.0.5)
      Microsoft.Extensions.Logging.Abstractions (>= 9.0.5)
    Microsoft.Extensions.Logging.EventLog (9.0.5)
      Microsoft.Extensions.DependencyInjection.Abstractions (>= 9.0.5)
      Microsoft.Extensions.Logging (>= 9.0.5)
      Microsoft.Extensions.Logging.Abstractions (>= 9.0.5)
      Microsoft.Extensions.Options (>= 9.0.5)
      System.Diagnostics.EventLog (>= 9.0.5)
    Microsoft.Extensions.Logging.EventSource (9.0.5)
      Microsoft.Extensions.DependencyInjection.Abstractions (>= 9.0.5)
      Microsoft.Extensions.Logging (>= 9.0.5)
      Microsoft.Extensions.Logging.Abstractions (>= 9.0.5)
      Microsoft.Extensions.Options (>= 9.0.5)
      Microsoft.Extensions.Primitives (>= 9.0.5)
    Microsoft.Extensions.ObjectPool (9.0.5)
    Microsoft.Extensions.Options (9.0.5)
      Microsoft.Extensions.DependencyInjection.Abstractions (>= 9.0.5)
      Microsoft.Extensions.Primitives (>= 9.0.5)
    Microsoft.Extensions.Options.ConfigurationExtensions (9.0.5)
      Microsoft.Extensions.Configuration.Abstractions (>= 9.0.5)
      Microsoft.Extensions.Configuration.Binder (>= 9.0.5)
      Microsoft.Extensions.DependencyInjection.Abstractions (>= 9.0.5)
      Microsoft.Extensions.Options (>= 9.0.5)
      Microsoft.Extensions.Primitives (>= 9.0.5)
    Microsoft.Extensions.Primitives (9.0.5)
    Microsoft.Extensions.VectorData.Abstractions (9.5)
      Microsoft.Extensions.AI.Abstractions (>= 9.5)
    Microsoft.Identity.Client (4.72.1)
      Microsoft.IdentityModel.Abstractions (>= 6.35)
      System.Diagnostics.DiagnosticSource (>= 6.0.1)
    Microsoft.Identity.Client.Extensions.Msal (4.72.1)
      Microsoft.Identity.Client (>= 4.72.1)
      System.Security.Cryptography.ProtectedData (>= 4.5)
    Microsoft.IdentityModel.Abstractions (8.11)
    Microsoft.IO.RecyclableMemoryStream (3.0.1)
    Microsoft.NET.Test.Sdk (17.14)
      Microsoft.CodeCoverage (>= 17.14)
      Microsoft.TestPlatform.TestHost (>= 17.14)
    Microsoft.NETCore.Platforms (7.0.4)
    Microsoft.NETCore.Targets (5.0)
    Microsoft.SemanticKernel.Abstractions (1.54)
      Microsoft.Bcl.HashCode (>= 1.1.1)
      Microsoft.Extensions.AI (>= 9.5)
      Microsoft.Extensions.VectorData.Abstractions (>= 9.5)
    Microsoft.SemanticKernel.Agents.Abstractions (1.54)
      Microsoft.SemanticKernel.Abstractions (>= 1.54)
      System.Linq.Async (>= 6.0.1)
      System.Text.Json (>= 8.0.5)
    Microsoft.SemanticKernel.Agents.OpenAI (1.54.0-preview)
      Azure.AI.OpenAI (2.2.0-beta.4)
      Azure.Identity (>= 1.13.2)
      Microsoft.SemanticKernel.Agents.Abstractions (>= 1.54)
      Microsoft.SemanticKernel.Connectors.OpenAI (>= 1.54)
    Microsoft.SemanticKernel.Connectors.OpenAI (1.54)
      Microsoft.Extensions.AI.OpenAI (>= 9.5.0-preview.1.25265.7)
      Microsoft.SemanticKernel.Core (>= 1.54)
      OpenAI (2.2.0-beta.4)
    Microsoft.SemanticKernel.Core (1.54)
      Microsoft.Extensions.DependencyInjection (>= 8.0.1)
      Microsoft.SemanticKernel.Abstractions (>= 1.54)
      System.Numerics.Tensors (>= 9.0)
    Microsoft.Testing.Extensions.Telemetry (1.7)
      Microsoft.ApplicationInsights (>= 2.23)
      Microsoft.Testing.Platform (>= 1.7)
    Microsoft.Testing.Extensions.TrxReport.Abstractions (1.7)
      Microsoft.Testing.Platform (>= 1.7)
    Microsoft.Testing.Extensions.VSTestBridge (1.7)
      Microsoft.Testing.Extensions.Telemetry (>= 1.7)
      Microsoft.Testing.Extensions.TrxReport.Abstractions (>= 1.7)
      Microsoft.Testing.Platform (>= 1.7)
      Microsoft.TestPlatform.AdapterUtilities (>= 17.13)
      Microsoft.TestPlatform.ObjectModel (>= 17.13)
    Microsoft.Testing.Platform (1.7)
    Microsoft.Testing.Platform.MSBuild (1.7)
      Microsoft.Testing.Platform (>= 1.7)
    Microsoft.TestPlatform.AdapterUtilities (17.14)
    Microsoft.TestPlatform.ObjectModel (17.14)
      System.Reflection.Metadata (>= 8.0)
    Microsoft.TestPlatform.TestHost (17.14)
      Microsoft.TestPlatform.ObjectModel (>= 17.14)
      Newtonsoft.Json (>= 13.0.3)
    Mono.Cecil (0.11.6)
    NETStandard.Library (2.0.3)
      Microsoft.NETCore.Platforms (>= 1.1)
    Newtonsoft.Json (13.0.3)
    Nito.AsyncEx.Context (5.1.2)
      Nito.AsyncEx.Tasks (>= 5.1.2)
    Nito.AsyncEx.Coordination (5.1.2)
      Nito.AsyncEx.Tasks (>= 5.1.2)
      Nito.Collections.Deque (>= 1.1.1)
    Nito.AsyncEx.Tasks (5.1.2)
      Nito.Disposables (>= 2.2.1)
    Nito.Collections.Deque (1.2.1)
    Nito.Disposables (2.5)
      System.Collections.Immutable (>= 1.5)
    OpenAI (2.2.0-beta.4)
      System.ClientModel (>= 1.2.1)
      System.Diagnostics.DiagnosticSource (>= 6.0.1)
    Reactive.Streams (1.0.4)
    Serilog (4.3)
    SQLitePCLRaw.bundle_e_sqlite3 (2.1.11)
      SQLitePCLRaw.lib.e_sqlite3 (>= 2.1.11)
      SQLitePCLRaw.provider.e_sqlite3 (>= 2.1.11)
    SQLitePCLRaw.core (2.1.11)
      System.Memory (>= 4.5.3)
    SQLitePCLRaw.lib.e_sqlite3 (2.1.11)
    SQLitePCLRaw.provider.e_sqlite3 (2.1.11)
      SQLitePCLRaw.core (>= 2.1.11)
    SQLProvider (1.5.7)
      FSharp.Core (>= 8.0.301)
      Newtonsoft.Json (>= 13.0.1)
      System.Memory (>= 4.6.3)
    System.ClientModel (1.4.1)
      Microsoft.Extensions.Logging.Abstractions (>= 8.0.3)
      System.Memory.Data (>= 6.0.1)
    System.Collections (4.3)
      Microsoft.NETCore.Platforms (>= 1.1)
      Microsoft.NETCore.Targets (>= 1.1)
      System.Runtime (>= 4.3)
    System.Collections.Immutable (9.0.5)
    System.ComponentModel (4.3)
      System.Runtime (>= 4.3)
    System.ComponentModel.Annotations (5.0)
    System.Configuration.ConfigurationManager (9.0.5)
      System.Diagnostics.EventLog (>= 9.0.5)
      System.Security.Cryptography.ProtectedData (>= 9.0.5)
    System.Diagnostics.Contracts (4.3)
      System.Runtime (>= 4.3)
    System.Diagnostics.Debug (4.3)
      Microsoft.NETCore.Platforms (>= 1.1)
      Microsoft.NETCore.Targets (>= 1.1)
      System.Runtime (>= 4.3)
    System.Diagnostics.DiagnosticSource (9.0.5)
    System.Diagnostics.EventLog (9.0.5)
    System.Globalization (4.3)
      Microsoft.NETCore.Platforms (>= 1.1)
      Microsoft.NETCore.Targets (>= 1.1)
      System.Runtime (>= 4.3)
    System.IO (4.3)
      Microsoft.NETCore.Platforms (>= 1.1)
      Microsoft.NETCore.Targets (>= 1.1)
      System.Runtime (>= 4.3)
      System.Text.Encoding (>= 4.3)
      System.Threading.Tasks (>= 4.3)
    System.Linq (4.3)
      System.Collections (>= 4.3)
      System.Diagnostics.Debug (>= 4.3)
      System.Resources.ResourceManager (>= 4.3)
      System.Runtime (>= 4.3)
      System.Runtime.Extensions (>= 4.3)
    System.Linq.Async (6.0.1)
      Microsoft.Bcl.AsyncInterfaces (>= 6.0)
    System.Linq.Expressions (4.3)
      System.Collections (>= 4.3)
      System.Diagnostics.Debug (>= 4.3)
      System.Globalization (>= 4.3)
      System.IO (>= 4.3)
      System.Linq (>= 4.3)
      System.ObjectModel (>= 4.3)
      System.Reflection (>= 4.3)
      System.Reflection.Emit (>= 4.3)
      System.Reflection.Emit.ILGeneration (>= 4.3)
      System.Reflection.Emit.Lightweight (>= 4.3)
      System.Reflection.Extensions (>= 4.3)
      System.Reflection.Primitives (>= 4.3)
      System.Reflection.TypeExtensions (>= 4.3)
      System.Resources.ResourceManager (>= 4.3)
      System.Runtime (>= 4.3)
      System.Runtime.Extensions (>= 4.3)
      System.Threading (>= 4.3)
    System.Linq.Queryable (4.3)
      System.Collections (>= 4.3)
      System.Diagnostics.Debug (>= 4.3)
      System.Linq (>= 4.3)
      System.Linq.Expressions (>= 4.3)
      System.Reflection (>= 4.3)
      System.Reflection.Extensions (>= 4.3)
      System.Resources.ResourceManager (>= 4.3)
      System.Runtime (>= 4.3)
    System.Memory (4.6.3)
    System.Memory.Data (9.0.5)
    System.Numerics.Tensors (9.0.5)
    System.ObjectModel (4.3)
      System.Collections (>= 4.3)
      System.Diagnostics.Debug (>= 4.3)
      System.Resources.ResourceManager (>= 4.3)
      System.Runtime (>= 4.3)
      System.Threading (>= 4.3)
    System.Reactive (6.0.1)
    System.Reactive.Linq (6.0.1)
      System.Reactive (>= 6.0.1)
      System.Threading.Tasks.Extensions (>= 4.5.4)
    System.Reflection (4.3)
      Microsoft.NETCore.Platforms (>= 1.1)
      Microsoft.NETCore.Targets (>= 1.1)
      System.IO (>= 4.3)
      System.Reflection.Primitives (>= 4.3)
      System.Runtime (>= 4.3)
    System.Reflection.Emit (4.7)
    System.Reflection.Emit.ILGeneration (4.7)
    System.Reflection.Emit.Lightweight (4.7)
    System.Reflection.Extensions (4.3)
      Microsoft.NETCore.Platforms (>= 1.1)
      Microsoft.NETCore.Targets (>= 1.1)
      System.Reflection (>= 4.3)
      System.Runtime (>= 4.3)
    System.Reflection.Metadata (9.0.5)
    System.Reflection.Primitives (4.3)
      Microsoft.NETCore.Platforms (>= 1.1)
      Microsoft.NETCore.Targets (>= 1.1)
      System.Runtime (>= 4.3)
    System.Reflection.TypeExtensions (4.7)
    System.Resources.ResourceManager (4.3)
      Microsoft.NETCore.Platforms (>= 1.1)
      Microsoft.NETCore.Targets (>= 1.1)
      System.Globalization (>= 4.3)
      System.Reflection (>= 4.3)
      System.Runtime (>= 4.3)
    System.Runtime (4.3.1)
      Microsoft.NETCore.Platforms (>= 1.1.1)
      Microsoft.NETCore.Targets (>= 1.1.3)
    System.Runtime.Caching (9.0.5)
      System.Configuration.ConfigurationManager (>= 9.0.5)
    System.Runtime.CompilerServices.Unsafe (6.1.2)
    System.Runtime.Extensions (4.3.1)
      Microsoft.NETCore.Platforms (>= 1.1.1)
      Microsoft.NETCore.Targets (>= 1.1.3)
      System.Runtime (>= 4.3.1)
    System.Runtime.Serialization.Primitives (4.3)
      System.Resources.ResourceManager (>= 4.3)
      System.Runtime (>= 4.3)
    System.Security.Cryptography.ProtectedData (9.0.5)
    System.Text.Encoding (4.3)
      Microsoft.NETCore.Platforms (>= 1.1)
      Microsoft.NETCore.Targets (>= 1.1)
      System.Runtime (>= 4.3)
    System.Text.Json (9.0.5)
    System.Threading (4.3)
      System.Runtime (>= 4.3)
      System.Threading.Tasks (>= 4.3)
    System.Threading.Channels (9.0.5)
    System.Threading.Tasks (4.3)
      Microsoft.NETCore.Platforms (>= 1.1)
      Microsoft.NETCore.Targets (>= 1.1)
      System.Runtime (>= 4.3)
    System.Threading.Tasks.Extensions (4.6.3)
    System.ValueTuple (4.6.1)
    ThrottlingTroll (7.3)
      System.Runtime.Caching (>= 7.0)
    TickSpec (2.0.3)
      FSharp.Core (>= 4.3.4)
    YoloDev.Expecto.TestSdk (0.15.3)
      Expecto (>= 10.2.2 < 11.0)
      FSharp.Core (>= 7.0.200)
      Microsoft.Testing.Extensions.VSTestBridge (>= 1.6.2)
      Microsoft.Testing.Platform.MSBuild (>= 1.6.2)
