STORAGE: NONE
RESTRICTION: == net9.0
NUGET
  remote: https://api.nuget.org/v3/index.json
    AltCover (9.0.1)
    Destructurama.FSharp (3.0.1)
      FSharp.Core (>= 9.0.100)
      Serilog (>= 4.0)
    Expecto (10.2.3)
      FSharp.Core (>= 7.0.200)
      Mono.Cecil (>= 0.11.4 < 1.0)
    Expecto.FsCheck (10.2.3)
      Expecto (>= 10.2.3)
      FsCheck (>= 2.16.5 < 3.0)
    FParsec (1.1.1)
      FSharp.Core (>= 4.3.4)
    FsCheck (2.16.6)
      FSharp.Core (>= 4.2.3)
    FSharp.Core (9.0.202)
    FSharp.SystemTextJson (1.3.13)
      FSharp.Core (>= 4.7)
      System.Text.Json (>= 6.0)
    Fue (2.2)
      FParsec (>= 1.1.1)
      FSharp.Core (>= 7.0.200)
      HtmlAgilityPack (>= 1.11.46)
    Giraffe (7.0.2)
      FSharp.Core (>= 6.0)
      FSharp.SystemTextJson (>= 1.3.13)
      Giraffe.ViewEngine (>= 1.4)
      Microsoft.IO.RecyclableMemoryStream (>= 3.0.1)
      System.Text.Json (>= 8.0.5)
    Giraffe.ViewEngine (1.4)
      FSharp.Core (>= 5.0)
    Hocon (2.0.4)
      NETStandard.Library (>= 1.6.1)
    Hocon.Extensions.Configuration (2.0.4)
      Hocon (>= 2.0.4)
      Microsoft.Extensions.Configuration.FileExtensions (>= 3.1.4)
    HtmlAgilityPack (1.12.1)
    Microsoft.ApplicationInsights (2.23)
      System.Diagnostics.DiagnosticSource (>= 5.0)
    Microsoft.AspNetCore.TestHost (9.0.4)
    Microsoft.CodeCoverage (17.13)
    Microsoft.Extensions.Configuration (9.0.4)
      Microsoft.Extensions.Configuration.Abstractions (>= 9.0.4)
      Microsoft.Extensions.Primitives (>= 9.0.4)
    Microsoft.Extensions.Configuration.Abstractions (9.0.4)
      Microsoft.Extensions.Primitives (>= 9.0.4)
    Microsoft.Extensions.Configuration.Binder (9.0.4)
      Microsoft.Extensions.Configuration.Abstractions (>= 9.0.4)
    Microsoft.Extensions.Configuration.CommandLine (9.0.4)
      Microsoft.Extensions.Configuration (>= 9.0.4)
      Microsoft.Extensions.Configuration.Abstractions (>= 9.0.4)
    Microsoft.Extensions.Configuration.EnvironmentVariables (9.0.4)
      Microsoft.Extensions.Configuration (>= 9.0.4)
      Microsoft.Extensions.Configuration.Abstractions (>= 9.0.4)
    Microsoft.Extensions.Configuration.FileExtensions (9.0.4)
      Microsoft.Extensions.Configuration (>= 9.0.4)
      Microsoft.Extensions.Configuration.Abstractions (>= 9.0.4)
      Microsoft.Extensions.FileProviders.Abstractions (>= 9.0.4)
      Microsoft.Extensions.FileProviders.Physical (>= 9.0.4)
      Microsoft.Extensions.Primitives (>= 9.0.4)
    Microsoft.Extensions.Configuration.Json (9.0.4)
      Microsoft.Extensions.Configuration (>= 9.0.4)
      Microsoft.Extensions.Configuration.Abstractions (>= 9.0.4)
      Microsoft.Extensions.Configuration.FileExtensions (>= 9.0.4)
      Microsoft.Extensions.FileProviders.Abstractions (>= 9.0.4)
    Microsoft.Extensions.Configuration.UserSecrets (9.0.4)
      Microsoft.Extensions.Configuration.Abstractions (>= 9.0.4)
      Microsoft.Extensions.Configuration.Json (>= 9.0.4)
      Microsoft.Extensions.FileProviders.Abstractions (>= 9.0.4)
      Microsoft.Extensions.FileProviders.Physical (>= 9.0.4)
    Microsoft.Extensions.DependencyInjection (9.0.4)
      Microsoft.Extensions.DependencyInjection.Abstractions (>= 9.0.4)
    Microsoft.Extensions.DependencyInjection.Abstractions (9.0.4)
    Microsoft.Extensions.Diagnostics (9.0.4)
      Microsoft.Extensions.Configuration (>= 9.0.4)
      Microsoft.Extensions.Diagnostics.Abstractions (>= 9.0.4)
      Microsoft.Extensions.Options.ConfigurationExtensions (>= 9.0.4)
    Microsoft.Extensions.Diagnostics.Abstractions (9.0.4)
      Microsoft.Extensions.DependencyInjection.Abstractions (>= 9.0.4)
      Microsoft.Extensions.Options (>= 9.0.4)
    Microsoft.Extensions.FileProviders.Abstractions (9.0.4)
      Microsoft.Extensions.Primitives (>= 9.0.4)
    Microsoft.Extensions.FileProviders.Physical (9.0.4)
      Microsoft.Extensions.FileProviders.Abstractions (>= 9.0.4)
      Microsoft.Extensions.FileSystemGlobbing (>= 9.0.4)
      Microsoft.Extensions.Primitives (>= 9.0.4)
    Microsoft.Extensions.FileSystemGlobbing (9.0.4)
    Microsoft.Extensions.Hosting (9.0.4)
      Microsoft.Extensions.Configuration (>= 9.0.4)
      Microsoft.Extensions.Configuration.Abstractions (>= 9.0.4)
      Microsoft.Extensions.Configuration.Binder (>= 9.0.4)
      Microsoft.Extensions.Configuration.CommandLine (>= 9.0.4)
      Microsoft.Extensions.Configuration.EnvironmentVariables (>= 9.0.4)
      Microsoft.Extensions.Configuration.FileExtensions (>= 9.0.4)
      Microsoft.Extensions.Configuration.Json (>= 9.0.4)
      Microsoft.Extensions.Configuration.UserSecrets (>= 9.0.4)
      Microsoft.Extensions.DependencyInjection (>= 9.0.4)
      Microsoft.Extensions.DependencyInjection.Abstractions (>= 9.0.4)
      Microsoft.Extensions.Diagnostics (>= 9.0.4)
      Microsoft.Extensions.FileProviders.Abstractions (>= 9.0.4)
      Microsoft.Extensions.FileProviders.Physical (>= 9.0.4)
      Microsoft.Extensions.Hosting.Abstractions (>= 9.0.4)
      Microsoft.Extensions.Logging (>= 9.0.4)
      Microsoft.Extensions.Logging.Abstractions (>= 9.0.4)
      Microsoft.Extensions.Logging.Configuration (>= 9.0.4)
      Microsoft.Extensions.Logging.Console (>= 9.0.4)
      Microsoft.Extensions.Logging.Debug (>= 9.0.4)
      Microsoft.Extensions.Logging.EventLog (>= 9.0.4)
      Microsoft.Extensions.Logging.EventSource (>= 9.0.4)
      Microsoft.Extensions.Options (>= 9.0.4)
    Microsoft.Extensions.Hosting.Abstractions (9.0.4)
      Microsoft.Extensions.Configuration.Abstractions (>= 9.0.4)
      Microsoft.Extensions.DependencyInjection.Abstractions (>= 9.0.4)
      Microsoft.Extensions.Diagnostics.Abstractions (>= 9.0.4)
      Microsoft.Extensions.FileProviders.Abstractions (>= 9.0.4)
      Microsoft.Extensions.Logging.Abstractions (>= 9.0.4)
    Microsoft.Extensions.Http (9.0.4)
      Microsoft.Extensions.Configuration.Abstractions (>= 9.0.4)
      Microsoft.Extensions.DependencyInjection.Abstractions (>= 9.0.4)
      Microsoft.Extensions.Diagnostics (>= 9.0.4)
      Microsoft.Extensions.Logging (>= 9.0.4)
      Microsoft.Extensions.Logging.Abstractions (>= 9.0.4)
      Microsoft.Extensions.Options (>= 9.0.4)
    Microsoft.Extensions.Logging (9.0.4)
      Microsoft.Extensions.DependencyInjection (>= 9.0.4)
      Microsoft.Extensions.Logging.Abstractions (>= 9.0.4)
      Microsoft.Extensions.Options (>= 9.0.4)
    Microsoft.Extensions.Logging.Abstractions (9.0.4)
      Microsoft.Extensions.DependencyInjection.Abstractions (>= 9.0.4)
    Microsoft.Extensions.Logging.Configuration (9.0.4)
      Microsoft.Extensions.Configuration (>= 9.0.4)
      Microsoft.Extensions.Configuration.Abstractions (>= 9.0.4)
      Microsoft.Extensions.Configuration.Binder (>= 9.0.4)
      Microsoft.Extensions.DependencyInjection.Abstractions (>= 9.0.4)
      Microsoft.Extensions.Logging (>= 9.0.4)
      Microsoft.Extensions.Logging.Abstractions (>= 9.0.4)
      Microsoft.Extensions.Options (>= 9.0.4)
      Microsoft.Extensions.Options.ConfigurationExtensions (>= 9.0.4)
    Microsoft.Extensions.Logging.Console (9.0.4)
      Microsoft.Extensions.DependencyInjection.Abstractions (>= 9.0.4)
      Microsoft.Extensions.Logging (>= 9.0.4)
      Microsoft.Extensions.Logging.Abstractions (>= 9.0.4)
      Microsoft.Extensions.Logging.Configuration (>= 9.0.4)
      Microsoft.Extensions.Options (>= 9.0.4)
    Microsoft.Extensions.Logging.Debug (9.0.4)
      Microsoft.Extensions.DependencyInjection.Abstractions (>= 9.0.4)
      Microsoft.Extensions.Logging (>= 9.0.4)
      Microsoft.Extensions.Logging.Abstractions (>= 9.0.4)
    Microsoft.Extensions.Logging.EventLog (9.0.4)
      Microsoft.Extensions.DependencyInjection.Abstractions (>= 9.0.4)
      Microsoft.Extensions.Logging (>= 9.0.4)
      Microsoft.Extensions.Logging.Abstractions (>= 9.0.4)
      Microsoft.Extensions.Options (>= 9.0.4)
      System.Diagnostics.EventLog (>= 9.0.4)
    Microsoft.Extensions.Logging.EventSource (9.0.4)
      Microsoft.Extensions.DependencyInjection.Abstractions (>= 9.0.4)
      Microsoft.Extensions.Logging (>= 9.0.4)
      Microsoft.Extensions.Logging.Abstractions (>= 9.0.4)
      Microsoft.Extensions.Options (>= 9.0.4)
      Microsoft.Extensions.Primitives (>= 9.0.4)
    Microsoft.Extensions.Options (9.0.4)
      Microsoft.Extensions.DependencyInjection.Abstractions (>= 9.0.4)
      Microsoft.Extensions.Primitives (>= 9.0.4)
    Microsoft.Extensions.Options.ConfigurationExtensions (9.0.4)
      Microsoft.Extensions.Configuration.Abstractions (>= 9.0.4)
      Microsoft.Extensions.Configuration.Binder (>= 9.0.4)
      Microsoft.Extensions.DependencyInjection.Abstractions (>= 9.0.4)
      Microsoft.Extensions.Options (>= 9.0.4)
      Microsoft.Extensions.Primitives (>= 9.0.4)
    Microsoft.Extensions.Primitives (9.0.4)
    Microsoft.IO.RecyclableMemoryStream (3.0.1)
    Microsoft.NET.Test.Sdk (17.13)
      Microsoft.CodeCoverage (>= 17.13)
      Microsoft.TestPlatform.TestHost (>= 17.13)
    Microsoft.NETCore.Platforms (7.0.4)
    Microsoft.Testing.Extensions.Telemetry (1.6.3)
      Microsoft.ApplicationInsights (>= 2.22)
      Microsoft.Testing.Platform (>= 1.6.3)
    Microsoft.Testing.Extensions.TrxReport.Abstractions (1.6.3)
      Microsoft.Testing.Platform (>= 1.6.3)
    Microsoft.Testing.Extensions.VSTestBridge (1.6.3)
      Microsoft.Testing.Extensions.Telemetry (>= 1.6.3)
      Microsoft.Testing.Extensions.TrxReport.Abstractions (>= 1.6.3)
      Microsoft.Testing.Platform (>= 1.6.3)
      Microsoft.TestPlatform.ObjectModel (>= 17.13)
    Microsoft.Testing.Platform (1.6.3)
    Microsoft.Testing.Platform.MSBuild (1.6.3)
      Microsoft.Testing.Platform (>= 1.6.3)
    Microsoft.TestPlatform.ObjectModel (17.13)
      System.Reflection.Metadata (>= 1.6)
    Microsoft.TestPlatform.TestHost (17.13)
      Microsoft.TestPlatform.ObjectModel (>= 17.13)
      Newtonsoft.Json (>= 13.0.1)
    Mono.Cecil (0.11.6)
    NETStandard.Library (2.0.3)
      Microsoft.NETCore.Platforms (>= 1.1)
    Newtonsoft.Json (13.0.3)
    Serilog (4.2)
    System.Diagnostics.DiagnosticSource (9.0.4)
    System.Diagnostics.EventLog (9.0.4)
    System.Reflection.Metadata (9.0.4)
    System.Text.Json (9.0.4)
    TickSpec (2.0.3)
      FSharp.Core (>= 4.3.4)
    YoloDev.Expecto.TestSdk (0.15.3)
      Expecto (>= 10.2.2 < 11.0)
      FSharp.Core (>= 7.0.200)
      Microsoft.Testing.Extensions.VSTestBridge (>= 1.6.2)
      Microsoft.Testing.Platform.MSBuild (>= 1.6.2)
