STORAGE: NONE
NUGET
  remote: https://api.nuget.org/v3/index.json
    AltCover (9.0.1)
    Destructurama.FSharp (3.0.1)
      FSharp.Core (>= 9.0.100) - restriction: >= netstandard2.0
      Serilog (>= 4.0) - restriction: >= netstandard2.0
    Expecto (10.2.3)
      FSharp.Core (>= 7.0.200) - restriction: >= net6.0
      Mono.Cecil (>= 0.11.4 < 1.0) - restriction: >= net6.0
    Expecto.FsCheck (10.2.3)
      Expecto (>= 10.2.3) - restriction: >= net6.0
      FsCheck (>= 2.16.5 < 3.0) - restriction: >= net6.0
    FParsec (1.1.1) - restriction: >= netstandard2.0
      FSharp.Core (>= 4.3.4) - restriction: || (>= net45) (>= netstandard2.0)
      System.ValueTuple (>= 4.4) - restriction: >= net45
    FsCheck (2.16.6) - restriction: >= net6.0
      FSharp.Core (>= 4.2.3) - restriction: || (>= net452) (>= netstandard1.6)
    FSharp.Core (9.0.202)
    FSharp.SystemTextJson (1.3.13) - restriction: >= net6.0
      FSharp.Core (>= 4.7) - restriction: >= netstandard2.0
      System.Text.Json (>= 6.0) - restriction: >= netstandard2.0
    Fue (2.2)
      FParsec (>= 1.1.1) - restriction: >= netstandard2.0
      FSharp.Core (>= 7.0.200) - restriction: >= netstandard2.0
      HtmlAgilityPack (>= 1.11.46) - restriction: >= netstandard2.0
    Giraffe (7.0.2)
      FSharp.Core (>= 6.0) - restriction: >= net6.0
      FSharp.SystemTextJson (>= 1.3.13) - restriction: >= net6.0
      Giraffe.ViewEngine (>= 1.4) - restriction: >= net6.0
      Microsoft.IO.RecyclableMemoryStream (>= 3.0.1) - restriction: >= net6.0
      System.Text.Json (>= 8.0.5) - restriction: >= net6.0
    Giraffe.ViewEngine (1.4) - restriction: >= net6.0
      FSharp.Core (>= 5.0) - restriction: >= netstandard2.0
    Hocon (2.0.4) - restriction: >= netstandard2.0
      NETStandard.Library (>= 1.6.1) - restriction: && (< net461) (>= netstandard1.3)
    Hocon.Extensions.Configuration (2.0.4)
      Hocon (>= 2.0.4) - restriction: >= netstandard2.0
      Microsoft.Extensions.Configuration.FileExtensions (>= 3.1.4) - restriction: >= netstandard2.0
    HtmlAgilityPack (1.12.1) - restriction: >= netstandard2.0
    Microsoft.ApplicationInsights (2.23) - restriction: >= net8.0
      System.Diagnostics.DiagnosticSource (>= 5.0) - restriction: || (&& (>= net452) (< netstandard2.0)) (&& (< net452) (>= netstandard2.0)) (>= net46)
    Microsoft.Bcl.AsyncInterfaces (9.0.4) - restriction: || (>= net462) (&& (< net8.0) (>= netstandard2.0)) (&& (>= netstandard2.0) (< netstandard2.1))
      System.Threading.Tasks.Extensions (>= 4.5.4) - restriction: || (>= net462) (&& (>= netstandard2.0) (< netstandard2.1))
    Microsoft.CodeCoverage (17.13) - restriction: || (>= net462) (>= netcoreapp3.1)
    Microsoft.Extensions.Configuration (9.0.4) - restriction: || (>= net462) (>= netstandard2.0)
      Microsoft.Extensions.Configuration.Abstractions (>= 9.0.4) - restriction: || (>= net462) (>= netstandard2.0)
      Microsoft.Extensions.Primitives (>= 9.0.4) - restriction: || (>= net462) (>= netstandard2.0)
    Microsoft.Extensions.Configuration.Abstractions (9.0.4) - restriction: || (>= net462) (>= netstandard2.0)
      Microsoft.Extensions.Primitives (>= 9.0.4) - restriction: || (>= net462) (>= netstandard2.0)
      System.ValueTuple (>= 4.5) - restriction: >= net462
    Microsoft.Extensions.Configuration.Binder (9.0.4) - restriction: || (>= net462) (>= netstandard2.0)
      Microsoft.Extensions.Configuration.Abstractions (>= 9.0.4) - restriction: || (>= net462) (>= netstandard2.0)
    Microsoft.Extensions.Configuration.CommandLine (9.0.4) - restriction: || (>= net462) (>= netstandard2.0)
      Microsoft.Extensions.Configuration (>= 9.0.4) - restriction: || (>= net462) (>= netstandard2.0)
      Microsoft.Extensions.Configuration.Abstractions (>= 9.0.4) - restriction: || (>= net462) (>= netstandard2.0)
    Microsoft.Extensions.Configuration.EnvironmentVariables (9.0.4) - restriction: || (>= net462) (>= netstandard2.0)
      Microsoft.Extensions.Configuration (>= 9.0.4) - restriction: || (>= net462) (>= netstandard2.0)
      Microsoft.Extensions.Configuration.Abstractions (>= 9.0.4) - restriction: || (>= net462) (>= netstandard2.0)
    Microsoft.Extensions.Configuration.FileExtensions (9.0.4) - restriction: || (>= net462) (>= netstandard2.0)
      Microsoft.Extensions.Configuration (>= 9.0.4) - restriction: || (>= net462) (>= netstandard2.0)
      Microsoft.Extensions.Configuration.Abstractions (>= 9.0.4) - restriction: || (>= net462) (>= netstandard2.0)
      Microsoft.Extensions.FileProviders.Abstractions (>= 9.0.4) - restriction: || (>= net462) (>= netstandard2.0)
      Microsoft.Extensions.FileProviders.Physical (>= 9.0.4) - restriction: || (>= net462) (>= netstandard2.0)
      Microsoft.Extensions.Primitives (>= 9.0.4) - restriction: || (>= net462) (>= netstandard2.0)
    Microsoft.Extensions.Configuration.Json (9.0.4) - restriction: || (>= net462) (>= netstandard2.0)
      Microsoft.Extensions.Configuration (>= 9.0.4) - restriction: || (>= net462) (>= netstandard2.0)
      Microsoft.Extensions.Configuration.Abstractions (>= 9.0.4) - restriction: || (>= net462) (>= netstandard2.0)
      Microsoft.Extensions.Configuration.FileExtensions (>= 9.0.4) - restriction: || (>= net462) (>= netstandard2.0)
      Microsoft.Extensions.FileProviders.Abstractions (>= 9.0.4) - restriction: || (>= net462) (>= netstandard2.0)
      System.Text.Json (>= 9.0.4) - restriction: || (>= net462) (&& (>= net8.0) (< net9.0)) (&& (< net8.0) (>= netstandard2.1)) (&& (>= netstandard2.0) (< netstandard2.1))
    Microsoft.Extensions.Configuration.UserSecrets (9.0.4) - restriction: || (>= net462) (>= netstandard2.0)
      Microsoft.Extensions.Configuration.Abstractions (>= 9.0.4) - restriction: || (>= net462) (>= netstandard2.0)
      Microsoft.Extensions.Configuration.Json (>= 9.0.4) - restriction: || (>= net462) (>= netstandard2.0)
      Microsoft.Extensions.FileProviders.Abstractions (>= 9.0.4) - restriction: || (>= net462) (>= netstandard2.0)
      Microsoft.Extensions.FileProviders.Physical (>= 9.0.4) - restriction: || (>= net462) (>= netstandard2.0)
    Microsoft.Extensions.DependencyInjection (9.0.4)
      Microsoft.Bcl.AsyncInterfaces (>= 9.0.4) - restriction: || (>= net462) (&& (>= netstandard2.0) (< netstandard2.1))
      Microsoft.Extensions.DependencyInjection.Abstractions (>= 9.0.4) - restriction: || (>= net462) (>= netstandard2.0)
      System.Threading.Tasks.Extensions (>= 4.5.4) - restriction: || (>= net462) (&& (>= netstandard2.0) (< netstandard2.1))
    Microsoft.Extensions.DependencyInjection.Abstractions (9.0.4) - restriction: || (>= net462) (>= netstandard2.0)
      Microsoft.Bcl.AsyncInterfaces (>= 9.0.4) - restriction: || (>= net462) (&& (>= netstandard2.0) (< netstandard2.1))
      System.Threading.Tasks.Extensions (>= 4.5.4) - restriction: || (>= net462) (&& (>= netstandard2.0) (< netstandard2.1))
    Microsoft.Extensions.Diagnostics (9.0.4) - restriction: || (>= net462) (>= netstandard2.0)
      Microsoft.Extensions.Configuration (>= 9.0.4) - restriction: || (>= net462) (>= netstandard2.0)
      Microsoft.Extensions.Diagnostics.Abstractions (>= 9.0.4) - restriction: || (>= net462) (>= netstandard2.0)
      Microsoft.Extensions.Options.ConfigurationExtensions (>= 9.0.4) - restriction: || (>= net462) (>= netstandard2.0)
    Microsoft.Extensions.Diagnostics.Abstractions (9.0.4) - restriction: || (>= net462) (>= netstandard2.0)
      Microsoft.Extensions.DependencyInjection.Abstractions (>= 9.0.4) - restriction: || (>= net462) (>= netstandard2.0)
      Microsoft.Extensions.Options (>= 9.0.4) - restriction: || (>= net462) (>= netstandard2.0)
      System.Buffers (>= 4.5.1) - restriction: || (>= net462) (&& (< net8.0) (>= netstandard2.0))
      System.Diagnostics.DiagnosticSource (>= 9.0.4) - restriction: || (>= net462) (&& (>= net8.0) (< net9.0)) (&& (< net8.0) (>= netstandard2.0))
      System.Memory (>= 4.5.5) - restriction: || (>= net462) (&& (< net8.0) (>= netstandard2.0))
    Microsoft.Extensions.FileProviders.Abstractions (9.0.4) - restriction: || (>= net462) (>= netstandard2.0)
      Microsoft.Extensions.Primitives (>= 9.0.4) - restriction: || (>= net462) (>= netstandard2.0)
    Microsoft.Extensions.FileProviders.Physical (9.0.4) - restriction: || (>= net462) (>= netstandard2.0)
      Microsoft.Extensions.FileProviders.Abstractions (>= 9.0.4) - restriction: || (>= net462) (>= netstandard2.0)
      Microsoft.Extensions.FileSystemGlobbing (>= 9.0.4) - restriction: || (>= net462) (>= netstandard2.0)
      Microsoft.Extensions.Primitives (>= 9.0.4) - restriction: || (>= net462) (>= netstandard2.0)
    Microsoft.Extensions.FileSystemGlobbing (9.0.4) - restriction: || (>= net462) (>= netstandard2.0)
    Microsoft.Extensions.Hosting (9.0.4)
      Microsoft.Bcl.AsyncInterfaces (>= 9.0.4) - restriction: || (>= net462) (&& (>= netstandard2.0) (< netstandard2.1))
      Microsoft.Extensions.Configuration (>= 9.0.4) - restriction: || (>= net462) (>= netstandard2.0)
      Microsoft.Extensions.Configuration.Abstractions (>= 9.0.4) - restriction: || (>= net462) (>= netstandard2.0)
      Microsoft.Extensions.Configuration.Binder (>= 9.0.4) - restriction: || (>= net462) (>= netstandard2.0)
      Microsoft.Extensions.Configuration.CommandLine (>= 9.0.4) - restriction: || (>= net462) (>= netstandard2.0)
      Microsoft.Extensions.Configuration.EnvironmentVariables (>= 9.0.4) - restriction: || (>= net462) (>= netstandard2.0)
      Microsoft.Extensions.Configuration.FileExtensions (>= 9.0.4) - restriction: || (>= net462) (>= netstandard2.0)
      Microsoft.Extensions.Configuration.Json (>= 9.0.4) - restriction: || (>= net462) (>= netstandard2.0)
      Microsoft.Extensions.Configuration.UserSecrets (>= 9.0.4) - restriction: || (>= net462) (>= netstandard2.0)
      Microsoft.Extensions.DependencyInjection (>= 9.0.4) - restriction: || (>= net462) (>= netstandard2.0)
      Microsoft.Extensions.DependencyInjection.Abstractions (>= 9.0.4) - restriction: || (>= net462) (>= netstandard2.0)
      Microsoft.Extensions.Diagnostics (>= 9.0.4) - restriction: || (>= net462) (>= netstandard2.0)
      Microsoft.Extensions.FileProviders.Abstractions (>= 9.0.4) - restriction: || (>= net462) (>= netstandard2.0)
      Microsoft.Extensions.FileProviders.Physical (>= 9.0.4) - restriction: || (>= net462) (>= netstandard2.0)
      Microsoft.Extensions.Hosting.Abstractions (>= 9.0.4) - restriction: || (>= net462) (>= netstandard2.0)
      Microsoft.Extensions.Logging (>= 9.0.4) - restriction: || (>= net462) (>= netstandard2.0)
      Microsoft.Extensions.Logging.Abstractions (>= 9.0.4) - restriction: || (>= net462) (>= netstandard2.0)
      Microsoft.Extensions.Logging.Configuration (>= 9.0.4) - restriction: || (>= net462) (>= netstandard2.0)
      Microsoft.Extensions.Logging.Console (>= 9.0.4) - restriction: || (>= net462) (>= netstandard2.0)
      Microsoft.Extensions.Logging.Debug (>= 9.0.4) - restriction: || (>= net462) (>= netstandard2.0)
      Microsoft.Extensions.Logging.EventLog (>= 9.0.4) - restriction: || (>= net462) (>= netstandard2.0)
      Microsoft.Extensions.Logging.EventSource (>= 9.0.4) - restriction: || (>= net462) (>= netstandard2.0)
      Microsoft.Extensions.Options (>= 9.0.4) - restriction: || (>= net462) (>= netstandard2.0)
      System.Threading.Tasks.Extensions (>= 4.5.4) - restriction: || (>= net462) (&& (>= netstandard2.0) (< netstandard2.1))
    Microsoft.Extensions.Hosting.Abstractions (9.0.4) - restriction: || (>= net462) (>= netstandard2.0)
      Microsoft.Bcl.AsyncInterfaces (>= 9.0.4) - restriction: || (>= net462) (&& (>= netstandard2.0) (< netstandard2.1))
      Microsoft.Extensions.Configuration.Abstractions (>= 9.0.4) - restriction: || (>= net462) (>= netstandard2.0)
      Microsoft.Extensions.DependencyInjection.Abstractions (>= 9.0.4) - restriction: || (>= net462) (>= netstandard2.0)
      Microsoft.Extensions.Diagnostics.Abstractions (>= 9.0.4) - restriction: || (>= net462) (>= netstandard2.0)
      Microsoft.Extensions.FileProviders.Abstractions (>= 9.0.4) - restriction: || (>= net462) (>= netstandard2.0)
      Microsoft.Extensions.Logging.Abstractions (>= 9.0.4) - restriction: || (>= net462) (>= netstandard2.0)
      System.Threading.Tasks.Extensions (>= 4.5.4) - restriction: || (>= net462) (&& (>= netstandard2.0) (< netstandard2.1))
    Microsoft.Extensions.Http (9.0.4)
      Microsoft.Extensions.Configuration.Abstractions (>= 9.0.4) - restriction: || (>= net462) (>= netstandard2.0)
      Microsoft.Extensions.DependencyInjection.Abstractions (>= 9.0.4) - restriction: || (>= net462) (>= netstandard2.0)
      Microsoft.Extensions.Diagnostics (>= 9.0.4) - restriction: >= net8.0
      Microsoft.Extensions.Logging (>= 9.0.4) - restriction: || (>= net462) (>= netstandard2.0)
      Microsoft.Extensions.Logging.Abstractions (>= 9.0.4) - restriction: || (>= net462) (>= netstandard2.0)
      Microsoft.Extensions.Options (>= 9.0.4) - restriction: || (>= net462) (>= netstandard2.0)
    Microsoft.Extensions.Logging (9.0.4)
      Microsoft.Bcl.AsyncInterfaces (>= 9.0.4) - restriction: || (>= net462) (&& (>= netstandard2.0) (< netstandard2.1))
      Microsoft.Extensions.DependencyInjection (>= 9.0.4) - restriction: || (>= net462) (>= netstandard2.0)
      Microsoft.Extensions.Logging.Abstractions (>= 9.0.4) - restriction: || (>= net462) (>= netstandard2.0)
      Microsoft.Extensions.Options (>= 9.0.4) - restriction: || (>= net462) (>= netstandard2.0)
      System.Diagnostics.DiagnosticSource (>= 9.0.4) - restriction: || (>= net462) (&& (< net8.0) (>= netstandard2.1)) (&& (>= netstandard2.0) (< netstandard2.1))
      System.ValueTuple (>= 4.5) - restriction: >= net462
    Microsoft.Extensions.Logging.Abstractions (9.0.4) - restriction: || (>= net462) (>= netstandard2.0)
      Microsoft.Extensions.DependencyInjection.Abstractions (>= 9.0.4) - restriction: || (>= net462) (>= netstandard2.0)
      System.Buffers (>= 4.5.1) - restriction: || (>= net462) (&& (< net8.0) (>= netstandard2.0))
      System.Diagnostics.DiagnosticSource (>= 9.0.4) - restriction: || (>= net462) (&& (>= net8.0) (< net9.0)) (&& (< net8.0) (>= netstandard2.0))
      System.Memory (>= 4.5.5) - restriction: || (>= net462) (&& (< net8.0) (>= netstandard2.0))
    Microsoft.Extensions.Logging.Configuration (9.0.4) - restriction: || (>= net462) (>= netstandard2.0)
      Microsoft.Extensions.Configuration (>= 9.0.4) - restriction: || (>= net462) (>= netstandard2.0)
      Microsoft.Extensions.Configuration.Abstractions (>= 9.0.4) - restriction: || (>= net462) (>= netstandard2.0)
      Microsoft.Extensions.Configuration.Binder (>= 9.0.4) - restriction: || (>= net462) (>= netstandard2.0)
      Microsoft.Extensions.DependencyInjection.Abstractions (>= 9.0.4) - restriction: || (>= net462) (>= netstandard2.0)
      Microsoft.Extensions.Logging (>= 9.0.4) - restriction: || (>= net462) (>= netstandard2.0)
      Microsoft.Extensions.Logging.Abstractions (>= 9.0.4) - restriction: || (>= net462) (>= netstandard2.0)
      Microsoft.Extensions.Options (>= 9.0.4) - restriction: || (>= net462) (>= netstandard2.0)
      Microsoft.Extensions.Options.ConfigurationExtensions (>= 9.0.4) - restriction: || (>= net462) (>= netstandard2.0)
    Microsoft.Extensions.Logging.Console (9.0.4)
      Microsoft.Bcl.AsyncInterfaces (>= 9.0.4) - restriction: || (>= net462) (&& (< net8.0) (>= netstandard2.0))
      Microsoft.Extensions.DependencyInjection.Abstractions (>= 9.0.4) - restriction: || (>= net462) (>= netstandard2.0)
      Microsoft.Extensions.Logging (>= 9.0.4) - restriction: || (>= net462) (>= netstandard2.0)
      Microsoft.Extensions.Logging.Abstractions (>= 9.0.4) - restriction: || (>= net462) (>= netstandard2.0)
      Microsoft.Extensions.Logging.Configuration (>= 9.0.4) - restriction: || (>= net462) (>= netstandard2.0)
      Microsoft.Extensions.Options (>= 9.0.4) - restriction: || (>= net462) (>= netstandard2.0)
      System.Buffers (>= 4.5.1) - restriction: || (>= net462) (&& (< net8.0) (>= netstandard2.0))
      System.Text.Json (>= 9.0.4) - restriction: || (>= net462) (&& (>= net8.0) (< net9.0)) (&& (< net8.0) (>= netstandard2.0))
    Microsoft.Extensions.Logging.Debug (9.0.4) - restriction: || (>= net462) (>= netstandard2.0)
      Microsoft.Extensions.DependencyInjection.Abstractions (>= 9.0.4) - restriction: || (>= net462) (>= netstandard2.0)
      Microsoft.Extensions.Logging (>= 9.0.4) - restriction: || (>= net462) (>= netstandard2.0)
      Microsoft.Extensions.Logging.Abstractions (>= 9.0.4) - restriction: || (>= net462) (>= netstandard2.0)
    Microsoft.Extensions.Logging.EventLog (9.0.4) - restriction: || (>= net462) (>= netstandard2.0)
      Microsoft.Extensions.DependencyInjection.Abstractions (>= 9.0.4) - restriction: || (>= net462) (>= netstandard2.0)
      Microsoft.Extensions.Logging (>= 9.0.4) - restriction: || (>= net462) (>= netstandard2.0)
      Microsoft.Extensions.Logging.Abstractions (>= 9.0.4) - restriction: || (>= net462) (>= netstandard2.0)
      Microsoft.Extensions.Options (>= 9.0.4) - restriction: || (>= net462) (>= netstandard2.0)
      System.Diagnostics.EventLog (>= 9.0.4) - restriction: || (&& (< net462) (>= netstandard2.0)) (>= net8.0)
    Microsoft.Extensions.Logging.EventSource (9.0.4) - restriction: || (>= net462) (>= netstandard2.0)
      Microsoft.Bcl.AsyncInterfaces (>= 9.0.4) - restriction: || (>= net462) (&& (< net8.0) (>= netstandard2.0))
      Microsoft.Extensions.DependencyInjection.Abstractions (>= 9.0.4) - restriction: || (>= net462) (>= netstandard2.0)
      Microsoft.Extensions.Logging (>= 9.0.4) - restriction: || (>= net462) (>= netstandard2.0)
      Microsoft.Extensions.Logging.Abstractions (>= 9.0.4) - restriction: || (>= net462) (>= netstandard2.0)
      Microsoft.Extensions.Options (>= 9.0.4) - restriction: || (>= net462) (>= netstandard2.0)
      Microsoft.Extensions.Primitives (>= 9.0.4) - restriction: || (>= net462) (>= netstandard2.0)
      System.Memory (>= 4.5.5) - restriction: || (>= net462) (&& (< net8.0) (>= netstandard2.0))
      System.Runtime.CompilerServices.Unsafe (>= 6.0) - restriction: || (>= net462) (&& (< net8.0) (>= netstandard2.0))
      System.Text.Json (>= 9.0.4) - restriction: || (>= net462) (&& (>= net8.0) (< net9.0)) (&& (< net8.0) (>= netstandard2.0))
    Microsoft.Extensions.Options (9.0.4) - restriction: || (>= net462) (>= netstandard2.0)
      Microsoft.Extensions.DependencyInjection.Abstractions (>= 9.0.4) - restriction: || (>= net462) (>= netstandard2.0)
      Microsoft.Extensions.Primitives (>= 9.0.4) - restriction: || (>= net462) (>= netstandard2.0)
      System.ComponentModel.Annotations (>= 5.0) - restriction: || (&& (< net462) (>= netstandard2.0) (< netstandard2.1)) (&& (< net8.0) (>= netstandard2.1))
      System.ValueTuple (>= 4.5) - restriction: >= net462
    Microsoft.Extensions.Options.ConfigurationExtensions (9.0.4) - restriction: || (>= net462) (>= netstandard2.0)
      Microsoft.Extensions.Configuration.Abstractions (>= 9.0.4) - restriction: || (>= net462) (>= netstandard2.0)
      Microsoft.Extensions.Configuration.Binder (>= 9.0.4) - restriction: || (>= net462) (>= netstandard2.0)
      Microsoft.Extensions.DependencyInjection.Abstractions (>= 9.0.4) - restriction: || (>= net462) (>= netstandard2.0)
      Microsoft.Extensions.Options (>= 9.0.4) - restriction: || (>= net462) (>= netstandard2.0)
      Microsoft.Extensions.Primitives (>= 9.0.4) - restriction: || (>= net462) (>= netstandard2.0)
    Microsoft.Extensions.Primitives (9.0.4) - restriction: || (>= net462) (>= netstandard2.0)
      System.Memory (>= 4.5.5) - restriction: || (>= net462) (&& (< net8.0) (>= netstandard2.0))
      System.Runtime.CompilerServices.Unsafe (>= 6.0) - restriction: || (>= net462) (&& (< net8.0) (>= netstandard2.0))
    Microsoft.IO.RecyclableMemoryStream (3.0.1) - restriction: >= net6.0
    Microsoft.NET.Test.Sdk (17.13)
      Microsoft.CodeCoverage (>= 17.13) - restriction: || (>= net462) (>= netcoreapp3.1)
      Microsoft.TestPlatform.TestHost (>= 17.13) - restriction: >= netcoreapp3.1
    Microsoft.NETCore.Platforms (7.0.4) - restriction: || (&& (>= net45) (< netstandard1.3) (>= netstandard2.0)) (&& (< net45) (>= netstandard2.0)) (&& (>= net46) (< netstandard1.4) (>= netstandard2.0)) (&& (>= net462) (>= net8.0)) (>= netcoreapp2.0) (&& (>= netcoreapp2.1) (< netcoreapp3.0)) (&& (< netstandard1.0) (>= netstandard2.0) (< portable-net45+win8)) (&& (< netstandard1.0) (>= netstandard2.0) (>= win8)) (&& (< netstandard1.0) (>= netstandard2.0) (< win8)) (&& (< netstandard1.3) (>= netstandard2.0) (< win8) (>= wpa81)) (&& (< netstandard1.5) (>= netstandard2.0) (>= uap10.0)) (&& (>= netstandard2.0) (< portable-net45+win8+wpa81)) (&& (>= netstandard2.0) (>= uap10.1)) (&& (>= netstandard2.0) (>= wp8))
    Microsoft.Testing.Extensions.Telemetry (1.6.3) - restriction: >= net8.0
      Microsoft.ApplicationInsights (>= 2.22) - restriction: >= netstandard2.0
      Microsoft.Testing.Platform (>= 1.6.3) - restriction: >= netstandard2.0
    Microsoft.Testing.Extensions.TrxReport.Abstractions (1.6.3) - restriction: >= net8.0
      Microsoft.Testing.Platform (>= 1.6.3) - restriction: >= netstandard2.0
    Microsoft.Testing.Extensions.VSTestBridge (1.6.3) - restriction: >= net8.0
      Microsoft.Testing.Extensions.Telemetry (>= 1.6.3) - restriction: >= netstandard2.0
      Microsoft.Testing.Extensions.TrxReport.Abstractions (>= 1.6.3) - restriction: >= netstandard2.0
      Microsoft.Testing.Platform (>= 1.6.3) - restriction: >= netstandard2.0
      Microsoft.TestPlatform.ObjectModel (>= 17.13) - restriction: >= netstandard2.0
    Microsoft.Testing.Platform (1.6.3) - restriction: >= net8.0
    Microsoft.Testing.Platform.MSBuild (1.6.3) - restriction: >= net8.0
      Microsoft.Testing.Platform (>= 1.6.3) - restriction: >= netstandard2.0
    Microsoft.TestPlatform.ObjectModel (17.13) - restriction: >= netcoreapp3.1
      System.Reflection.Metadata (>= 1.6) - restriction: || (>= net462) (>= netstandard2.0)
    Microsoft.TestPlatform.TestHost (17.13) - restriction: >= netcoreapp3.1
      Microsoft.TestPlatform.ObjectModel (>= 17.13) - restriction: >= netcoreapp3.1
      Newtonsoft.Json (>= 13.0.1) - restriction: >= netcoreapp3.1
    Mono.Cecil (0.11.6) - restriction: >= net6.0
    NETStandard.Library (2.0.3) - restriction: && (< net461) (>= netstandard2.0)
      Microsoft.NETCore.Platforms (>= 1.1) - restriction: || (&& (>= net45) (< netstandard1.3)) (&& (< net45) (>= netstandard1.1) (< netstandard1.2) (< win8)) (&& (< net45) (>= netstandard1.2) (< netstandard1.3) (< win8) (< wpa81)) (&& (< net45) (>= netstandard1.3) (< netstandard1.4) (< win8) (< wpa81)) (&& (< net45) (>= netstandard1.4) (< netstandard1.5) (< win8) (< wpa81)) (&& (< net45) (>= netstandard1.5) (< netstandard1.6) (< win8) (< wpa81)) (&& (< net45) (>= netstandard1.6) (< netstandard2.0) (< win8) (< wpa81)) (&& (< net45) (>= netstandard2.0)) (&& (>= net46) (< netstandard1.4)) (>= net461) (>= netcoreapp2.0) (&& (>= netstandard1.0) (< portable-net45+win8+wpa81)) (&& (< netstandard1.0) (>= portable-net45+win8) (< win8)) (&& (< netstandard1.0) (< portable-net45+win8) (>= portable-net45+win8+wpa81)) (&& (< netstandard1.0) (>= portable-net45+win8+wp8+wpa81) (< portable-net45+win8+wpa81)) (&& (< netstandard1.0) (>= win8)) (&& (< netstandard1.3) (< win8) (>= wpa81)) (&& (< netstandard1.5) (>= uap10.0)) (>= uap10.1) (>= wp8)
    Newtonsoft.Json (13.0.3) - restriction: >= netcoreapp3.1
    Serilog (4.2) - restriction: >= netstandard2.0
      System.Diagnostics.DiagnosticSource (>= 8.0.1) - restriction: || (&& (>= net462) (< netstandard2.0)) (&& (< net462) (< net6.0) (>= netstandard2.0)) (>= net471)
      System.Threading.Channels (>= 8.0) - restriction: || (&& (>= net462) (< netstandard2.0)) (&& (< net462) (< net6.0) (>= netstandard2.0)) (>= net471)
    System.Buffers (4.6.1) - restriction: || (>= net462) (&& (< net8.0) (>= netstandard2.0)) (&& (< netcoreapp2.1) (>= netstandard2.0) (< netstandard2.1))
    System.Collections.Immutable (9.0.4) - restriction: || (&& (>= net462) (>= net8.0)) (&& (>= net8.0) (< net9.0))
    System.ComponentModel.Annotations (5.0) - restriction: || (&& (>= net462) (>= netstandard2.1)) (&& (< net462) (>= netstandard2.0) (< netstandard2.1)) (&& (< net8.0) (>= netstandard2.1))
    System.Diagnostics.DiagnosticSource (9.0.4) - restriction: || (>= net462) (&& (>= net8.0) (< net9.0)) (>= netstandard2.0)
      System.Memory (>= 4.5.5) - restriction: || (>= net462) (&& (< net8.0) (>= netstandard2.0))
      System.Runtime.CompilerServices.Unsafe (>= 6.0) - restriction: || (>= net462) (&& (< net8.0) (>= netstandard2.0))
    System.Diagnostics.EventLog (9.0.4) - restriction: || (&& (< net462) (>= netstandard2.0)) (>= net8.0)
      System.Security.Principal.Windows (>= 5.0) - restriction: || (>= net462) (&& (< net8.0) (>= netstandard2.0))
    System.IO.Pipelines (9.0.4) - restriction: || (>= net462) (&& (>= net8.0) (< net9.0)) (&& (< net8.0) (>= netstandard2.0))
      System.Buffers (>= 4.5.1) - restriction: || (>= net462) (&& (< net8.0) (>= netstandard2.0))
      System.Memory (>= 4.5.5) - restriction: || (>= net462) (&& (< net8.0) (>= netstandard2.0))
      System.Threading.Tasks.Extensions (>= 4.5.4) - restriction: || (>= net462) (&& (< net8.0) (>= netstandard2.0))
    System.Memory (4.6.3) - restriction: || (>= net462) (&& (< net8.0) (>= netstandard2.0))
      System.Buffers (>= 4.6.1) - restriction: || (>= net462) (&& (< netcoreapp2.1) (>= netstandard2.0) (< netstandard2.1))
      System.Numerics.Vectors (>= 4.6.1) - restriction: || (>= net462) (&& (< netcoreapp2.1) (>= netstandard2.0) (< netstandard2.1))
      System.Runtime.CompilerServices.Unsafe (>= 6.1.2) - restriction: || (>= net462) (&& (< netcoreapp2.1) (>= netstandard2.0) (< netstandard2.1))
    System.Numerics.Vectors (4.6.1) - restriction: || (>= net462) (&& (< netcoreapp2.1) (>= netstandard2.0) (< netstandard2.1))
    System.Reflection.Metadata (9.0.4) - restriction: >= net8.0
      System.Collections.Immutable (>= 9.0.4) - restriction: || (>= net462) (&& (>= net8.0) (< net9.0)) (&& (< net8.0) (>= netstandard2.0))
    System.Runtime.CompilerServices.Unsafe (6.1.2) - restriction: || (>= net462) (&& (< net8.0) (>= netstandard2.0)) (&& (< netcoreapp2.1) (>= netstandard2.0) (< netstandard2.1))
    System.Security.Principal.Windows (5.0) - restriction: || (&& (>= net462) (>= net8.0)) (&& (< net462) (< net8.0) (>= netstandard2.0))
      Microsoft.NETCore.Platforms (>= 5.0) - restriction: || (&& (>= netcoreapp2.0) (< netcoreapp2.1)) (&& (>= netcoreapp2.1) (< netcoreapp3.0))
    System.Text.Encodings.Web (9.0.4) - restriction: || (>= net462) (&& (>= net8.0) (< net9.0)) (&& (< net8.0) (>= netstandard2.0))
      System.Buffers (>= 4.5.1) - restriction: || (>= net462) (&& (< net8.0) (>= netstandard2.0))
      System.Memory (>= 4.5.5) - restriction: || (>= net462) (&& (< net8.0) (>= netstandard2.0))
      System.Runtime.CompilerServices.Unsafe (>= 6.0) - restriction: || (>= net462) (&& (< net8.0) (>= netstandard2.0))
    System.Text.Json (9.0.4)
      Microsoft.Bcl.AsyncInterfaces (>= 9.0.4) - restriction: || (>= net462) (&& (< net8.0) (>= netstandard2.0))
      System.Buffers (>= 4.5.1) - restriction: || (>= net462) (&& (< net8.0) (>= netstandard2.0))
      System.IO.Pipelines (>= 9.0.4) - restriction: || (>= net462) (&& (>= net8.0) (< net9.0)) (&& (< net8.0) (>= netstandard2.0))
      System.Memory (>= 4.5.5) - restriction: || (>= net462) (&& (< net8.0) (>= netstandard2.0))
      System.Runtime.CompilerServices.Unsafe (>= 6.0) - restriction: || (>= net462) (&& (< net8.0) (>= netstandard2.0))
      System.Text.Encodings.Web (>= 9.0.4) - restriction: || (>= net462) (&& (>= net8.0) (< net9.0)) (&& (< net8.0) (>= netstandard2.0))
      System.Threading.Tasks.Extensions (>= 4.5.4) - restriction: || (>= net462) (&& (< net8.0) (>= netstandard2.0))
      System.ValueTuple (>= 4.5) - restriction: >= net462
    System.Threading.Channels (9.0.4) - restriction: || (&& (< net462) (< net6.0) (>= netstandard2.0)) (>= net471)
      Microsoft.Bcl.AsyncInterfaces (>= 9.0.4) - restriction: || (>= net462) (&& (>= netstandard2.0) (< netstandard2.1))
      System.Threading.Tasks.Extensions (>= 4.5.4) - restriction: || (>= net462) (&& (>= netstandard2.0) (< netstandard2.1))
    System.Threading.Tasks.Extensions (4.6.3) - restriction: || (>= net462) (&& (< net8.0) (>= netstandard2.0)) (&& (>= netstandard2.0) (< netstandard2.1))
      System.Runtime.CompilerServices.Unsafe (>= 6.1.2) - restriction: || (>= net462) (&& (< netcoreapp2.1) (>= netstandard2.0) (< netstandard2.1))
    System.ValueTuple (4.6.1) - restriction: || (&& (>= net45) (>= netstandard2.0)) (>= net462)
    TickSpec (2.0.3)
      FSharp.Core (>= 4.2.3) - restriction: >= net452
      FSharp.Core (>= 4.3.4) - restriction: && (< net452) (>= netstandard2.0)
    YoloDev.Expecto.TestSdk (0.15.3)
      Expecto (>= 10.2.2 < 11.0) - restriction: >= net8.0
      FSharp.Core (>= 7.0.200) - restriction: >= net8.0
      Microsoft.Testing.Extensions.VSTestBridge (>= 1.6.2) - restriction: >= net8.0
      Microsoft.Testing.Platform.MSBuild (>= 1.6.2) - restriction: >= net8.0
